GEM
  remote: https://rubygems.org/
  specs:
    amazing_print (1.5.0)
    cogger (0.13.1)
      core (~> 0.1)
      refinements (~> 11.0)
      tone (~> 0.3)
      zeitwerk (~> 2.6)
    concurrent-ruby (1.2.2)
    core (0.1.6)
    debug (1.8.0)
      irb (>= 1.5.0)
      reline (>= 0.3.1)
    dry-configurable (1.1.0)
      dry-core (~> 1.0, < 2)
      zeitwerk (~> 2.6)
    dry-container (0.11.0)
      concurrent-ruby (~> 1.0)
    dry-core (1.0.1)
      concurrent-ruby (~> 1.0)
      zeitwerk (~> 2.6)
    dry-inflector (1.0.0)
    dry-initializer (3.1.1)
    dry-logic (1.5.0)
      concurrent-ruby (~> 1.0)
      dry-core (~> 1.0, < 2)
      zeitwerk (~> 2.6)
    dry-monads (1.6.0)
      concurrent-ruby (~> 1.0)
      dry-core (~> 1.0, < 2)
      zeitwerk (~> 2.6)
    dry-schema (1.13.3)
      concurrent-ruby (~> 1.0)
      dry-configurable (~> 1.0, >= 1.0.1)
      dry-core (~> 1.0, < 2)
      dry-initializer (~> 3.0)
      dry-logic (>= 1.4, < 2)
      dry-types (>= 1.7, < 2)
      zeitwerk (~> 2.6)
    dry-types (1.7.1)
      concurrent-ruby (~> 1.0)
      dry-core (~> 1.0)
      dry-inflector (~> 1.0)
      dry-logic (~> 1.4)
      zeitwerk (~> 2.6)
    etcher (0.5.1)
      cogger (~> 0.12)
      core (~> 0.1)
      dry-monads (~> 1.6)
      dry-types (~> 1.7)
      refinements (~> 11.0)
      versionaire (~> 12.1)
      zeitwerk (~> 2.6)
    git-lint (6.2.1)
      cogger (~> 0.12)
      core (~> 0.1)
      dry-container (~> 0.11)
      dry-monads (~> 1.6)
      dry-schema (~> 1.13)
      etcher (~> 0.2)
      gitt (~> 2.0)
      infusible (~> 2.2)
      refinements (~> 11.0)
      runcom (~> 10.0)
      sod (~> 0.0)
      spek (~> 2.0)
      tone (~> 0.3)
      zeitwerk (~> 2.6)
    gitt (2.1.1)
      core (~> 0.1)
      dry-monads (~> 1.6)
      refinements (~> 11.0)
      zeitwerk (~> 2.6)
    infusible (2.2.1)
      marameters (~> 2.0)
      zeitwerk (~> 2.6)
    io-console (0.6.0)
    irb (1.9.0)
      rdoc
      reline (>= 0.3.8)
    marameters (2.1.1)
      refinements (~> 11.0)
      zeitwerk (~> 2.6)
    psych (5.1.1.1)
      stringio
    rake (13.1.0)
    rdoc (6.6.0)
      psych (>= 4.0.0)
    refinements (11.1.2)
    reline (0.4.0)
      io-console (~> 0.5)
    runcom (10.2.1)
      refinements (~> 11.0)
      xdg (~> 7.1)
      zeitwerk (~> 2.6)
    sod (0.3.1)
      cogger (~> 0.12)
      dry-container (~> 0.11)
      infusible (~> 2.2)
      refinements (~> 11.0)
      tone (~> 0.3)
      zeitwerk (~> 2.6)
    spek (2.1.1)
      dry-monads (~> 1.6)
      refinements (~> 11.0)
      versionaire (~> 12.0)
      zeitwerk (~> 2.6)
    stringio (3.0.9)
    tone (0.4.2)
      refinements (~> 11.0)
      zeitwerk (~> 2.6)
    versionaire (12.1.1)
      refinements (~> 11.0)
    xdg (7.1.3)
    zeitwerk (2.6.12)

PLATFORMS
  arm64-darwin-22

DEPENDENCIES
  amazing_print (~> 1.4)
  debug (~> 1.8)
  git-lint (~> 6.0)
  rake (~> 13.0)

RUBY VERSION
   ruby 3.2.2p53

BUNDLED WITH
   2.4.22
